GEM
  remote: http://rubygems.org/
  specs:
    actionmailer (3.1.0.rc8)
      actionpack (= 3.1.0.rc8)
      mail (~> 2.3.0)
    actionpack (3.1.0.rc8)
      activemodel (= 3.1.0.rc8)
      activesupport (= 3.1.0.rc8)
      builder (~> 3.0.0)
      erubis (~> 2.7.0)
      i18n (~> 0.6)
      rack (~> 1.3.2)
      rack-cache (~> 1.0.3)
      rack-mount (~> 0.8.2)
      rack-test (~> 0.6.1)
      sprockets (~> 2.0.0.beta.15)
    activemodel (3.1.0.rc8)
      activesupport (= 3.1.0.rc8)
      bcrypt-ruby (~> 3.0.0)
      builder (~> 3.0.0)
      i18n (~> 0.6)
    activerecord (3.1.0.rc8)
      activemodel (= 3.1.0.rc8)
      activesupport (= 3.1.0.rc8)
      arel (~> 2.2.1)
      tzinfo (~> 0.3.29)
    activeresource (3.1.0.rc8)
      activemodel (= 3.1.0.rc8)
      activesupport (= 3.1.0.rc8)
    activesupport (3.1.0.rc8)
      multi_json (~> 1.0)
    addressable (2.2.6)
    archive-tar-minitar (0.5.2)
    arel (2.2.1)
    bcrypt-ruby (3.0.0)
    builder (3.0.0)
    coffee-script (2.2.0)
      coffee-script-source
      execjs
    coffee-script-source (1.1.2)
    columnize (0.3.4)
    dalli (1.1.1)
    erubis (2.7.0)
    execjs (1.2.4)
      multi_json (~> 1.0)
    heroku (2.6.1)
      launchy (>= 0.3.2)
      rest-client (~> 1.6.1)
      rubyzip
      term-ansicolor (~> 1.0.5)
    hike (1.2.1)
    i18n (0.6.0)
    jquery-rails (1.0.13)
      railties (~> 3.0)
      thor (~> 0.14)
    json (1.5.4)
    launchy (2.0.5)
      addressable (~> 2.2.6)
    linecache19 (0.5.12)
      ruby_core_source (>= 0.1.4)
    mail (2.3.0)
      i18n (>= 0.4.0)
      mime-types (~> 1.16)
      treetop (~> 1.4.8)
    memcache-client (1.8.5)
    mime-types (1.16)
    multi_json (1.0.3)
    polyglot (0.3.2)
    rack (1.3.2)
    rack-cache (1.0.3)
      rack (>= 0.4)
    rack-mount (0.8.3)
      rack (>= 1.0.0)
    rack-ssl (1.3.2)
      rack
    rack-test (0.6.1)
      rack (>= 1.0)
    rails (3.1.0.rc8)
      actionmailer (= 3.1.0.rc8)
      actionpack (= 3.1.0.rc8)
      activerecord (= 3.1.0.rc8)
      activeresource (= 3.1.0.rc8)
      activesupport (= 3.1.0.rc8)
      bundler (~> 1.0)
      railties (= 3.1.0.rc8)
    railties (3.1.0.rc8)
      actionpack (= 3.1.0.rc8)
      activesupport (= 3.1.0.rc8)
      rack-ssl (~> 1.3.2)
      rake (>= 0.8.7)
      rdoc (~> 3.4)
      thor (~> 0.14.6)
    rake (0.9.2)
    rdoc (3.9.4)
    rest-client (1.6.7)
      mime-types (>= 1.16)
    ruby-debug-base19 (0.11.25)
      columnize (>= 0.3.1)
      linecache19 (>= 0.5.11)
      ruby_core_source (>= 0.1.4)
    ruby-debug-ide (0.4.17.beta5)
      rake (>= 0.8.1)
    ruby-debug19 (0.11.6)
      columnize (>= 0.3.1)
      linecache19 (>= 0.5.11)
      ruby-debug-base19 (>= 0.11.19)
    ruby_core_source (0.1.5)
      archive-tar-minitar (>= 0.5.2)
    rubyzip (0.9.4)
    sass (3.1.7)
    sprockets (2.0.0.beta.15)
      hike (~> 1.2)
      rack (~> 1.0)
      tilt (!= 1.3.0, ~> 1.1)
    sqlite3 (1.3.4)
    term-ansicolor (1.0.6)
    therubyracer-heroku (0.8.1.pre3)
    thor (0.14.6)
    tilt (1.3.3)
    treetop (1.4.10)
      polyglot
      polyglot (>= 0.3.1)
    tzinfo (0.3.29)
    uglifier (1.0.2)
      execjs (>= 0.3.0)
      multi_json (>= 1.0.2)

PLATFORMS
  ruby

DEPENDENCIES
  coffee-script
  dalli
  heroku
  jquery-rails
  json
  memcache-client
  rails (= 3.1.0.rc8)
  rake
  ruby-debug-ide (= 0.4.17.beta5)
  ruby-debug19
  sass
  sprockets (= 2.0.0.beta.15)
  sqlite3
  therubyracer-heroku (= 0.8.1.pre3)
  uglifier
